GEM
  remote: http://rubygems.org/
  specs:
    engineyard (1.3.1)
      engineyard-serverside-adapter (= 1.3.3)
      escape (~> 0.0.4)
      highline (~> 1.5.2)
      json_pure
      rest-client (~> 1.4)
      ruby-termios
      thor (~> 0.14.0)
    engineyard-serverside-adapter (1.3.3)
      escape (~> 0.0.4)
      json_pure (~> 1.4.6)
    escape (0.0.4)
    highline (1.5.2)
    json_pure (1.4.6)
    mime-types (1.16)
    rack (1.2.1)
    rack-streaming-proxy (1.0.3)
      rack (>= 1.0)
      servolux (~> 0.8.1)
    rest-client (1.6.1)
      mime-types (>= 1.16)
    ruby-termios (0.9.6)
    servolux (0.8.1)
    thor (0.14.3)

PLATFORMS
  ruby

DEPENDENCIES
  engineyard
  rack
  rack-streaming-proxy
  servolux
